GEM
  remote: http://rubygems.org/
  specs:
    builder (3.1.4)
    daemons (1.1.9)
    eventmachine (1.0.0)
    newrelic_rpm (3.5.8.72)
    rack (1.4.1)
    rake (0.9.2.2)
    rdiscount (1.6.8)
    redcarpet (2.2.2)
    shotgun (0.9)
      rack (>= 1.0)
    thin (1.5.0)
      daemons (>= 1.0.9)
      eventmachine (>= 0.12.6)
      rack (>= 1.0.0)
    toto (0.4.9)
      builder
      rack
      rdiscount

PLATFORMS
  ruby

DEPENDENCIES
  newrelic_rpm
  rake
  redcarpet
  shotgun
  thin
  toto
